GEM
  remote: http://rubygems.org/
  specs:
    childprocess (0.1.9)
      ffi (~> 1.0.6)
    diff-lcs (1.1.2)
    execjs (1.2.0)
      multi_json (~> 1.0)
    ffi (1.0.9)
    jasmine (1.0.2.1)
      json_pure (>= 1.4.3)
      rack (>= 1.1)
      rspec (>= 1.3.1)
      selenium-webdriver (>= 0.1.3)
    json_pure (1.5.2)
    libv8 (3.3.10.2)
    multi_json (1.0.3)
    rack (1.3.0)
    rake (0.9.2)
    rspec (2.6.0)
      rspec-core (~> 2.6.0)
      rspec-expectations (~> 2.6.0)
      rspec-mocks (~> 2.6.0)
    rspec-core (2.6.4)
    rspec-expectations (2.6.0)
      diff-lcs (~> 1.1.2)
    rspec-mocks (2.6.0)
    rubyzip (0.9.4)
    selenium-webdriver (0.2.1)
      childprocess (>= 0.1.7)
      ffi (>= 1.0.7)
      json_pure
      rubyzip
    therubyracer (0.9.1)
      libv8 (~> 3.3.10)
    uglifier (0.5.4)
      execjs (>= 0.3.0)
      multi_json (>= 1.0.2)

PLATFORMS
  ruby

DEPENDENCIES
  jasmine
  rake
  therubyracer
  uglifier
